GEM
  remote: https://rubygems.org/
  specs:
    algoliasearch (1.19.1)
      httpclient (~> 2.8.3)
      json (>= 1.5.1)
    byebug (10.0.0)
    httpclient (2.8.3)
    json (2.1.0)

PLATFORMS
  ruby

DEPENDENCIES
  algoliasearch
  byebug

BUNDLED WITH
   1.16.0.pre.3
